GEM
  specs:
    google-protobuf (3.19.4-x86_64-darwin)
    googleapis-common-protos-types (1.3.0)
      google-protobuf (~> 3.14)
    grpc (1.45.0-universal-darwin)
      google-protobuf (~> 3.19)
      googleapis-common-protos-types (~> 1.0)
    grpc-tools (1.45.0)

PLATFORMS
  x86_64-darwin-20

DEPENDENCIES
  grpc (~> 1.6)
  grpc-tools (~> 1.10)

BUNDLED WITH
   2.2.16
